PATH
  remote: .
  specs:
    typerb (0.1.2)

GEM
  remote: https://rubygems.org/
  specs:
    awesome_print (1.8.0)
    coderay (1.1.2)
    diff-lcs (1.3)
    method_source (0.9.1)
    pry (0.12.0)
      coderay (~> 1.1.0)
      method_source (~> 0.9.0)
    rake (10.5.0)
    rspec (3.8.0)
      rspec-core (~> 3.8.0)
      rspec-expectations (~> 3.8.0)
      rspec-mocks (~> 3.8.0)
    rspec-core (3.8.0)
      rspec-support (~> 3.8.0)
    rspec-expectations (3.8.2)
      diff-lcs (>= 1.2.0, < 2.0)
      rspec-support (~> 3.8.0)
    rspec-mocks (3.8.0)
      diff-lcs (>= 1.2.0, < 2.0)
      rspec-support (~> 3.8.0)
    rspec-support (3.8.0)
    super_awesome_print (0.2.5)
      awesome_print

PLATFORMS
  ruby

DEPENDENCIES
  bundler (>= 1.17)
  pry
  rake (>= 10.0)
  rspec (>= 3.0)
  super_awesome_print
  typerb!

BUNDLED WITH
   1.17.1
